GEM
  remote: https://rubygems.org/
  specs:
    aws-partitions (1.71.0)
    aws-sdk-core (3.17.1)
      aws-partitions (~> 1.0)
      aws-sigv4 (~> 1.0)
      jmespath (~> 1.0)
    aws-sdk-kms (1.5.0)
      aws-sdk-core (~> 3)
      aws-sigv4 (~> 1.0)
    aws-sdk-s3 (1.8.2)
      aws-sdk-core (~> 3)
      aws-sdk-kms (~> 1)
      aws-sigv4 (~> 1.0)
    aws-sigv4 (1.0.2)
    basiccache (1.0.0)
    curb (0.9.4)
    githubchart (3.1.0)
      githubstats (~> 2.0.0)
      svgplot (~> 1.0.0)
    githubstats (2.0.0)
      basiccache (~> 1.0.0)
      curb (~> 0.9.0)
      nokogiri (~> 1.8.0)
    jmespath (1.3.1)
    mini_portile2 (2.3.0)
    mustermann (1.0.3)
    nokogiri (1.8.5)
      mini_portile2 (~> 2.3.0)
    puma (3.12.2)
    rack (2.0.7)
    rack-protection (2.0.2)
      rack
    rake (10.5.0)
    sinatra (2.0.2)
      mustermann (~> 1.0)
      rack (~> 2.0)
      rack-protection (= 2.0.2)
      tilt (~> 2.0)
    svgplot (1.0.0)
    tilt (2.0.10)

PLATFORMS
  ruby

DEPENDENCIES
  aws-sdk-s3
  githubchart
  puma
  rake (~> 10.0)
  sinatra (~> 2)

RUBY VERSION
   ruby 2.2.5p319

BUNDLED WITH
   1.13.6
