GEM
  remote: https://rubygems.org/
  specs:
    aws-sdk (2.2.34)
      aws-sdk-resources (= 2.2.34)
    aws-sdk-core (2.2.34)
      jmespath (~> 1.0)
    aws-sdk-resources (2.2.34)
      aws-sdk-core (= 2.2.34)
    basiccache (1.0.0)
    curb (0.9.3)
    githubchart (1.1.0)
      githubstats (~> 1.2.0)
      svgplot (~> 1.0.0)
    githubstats (1.2.0)
      basiccache (~> 1.0.0)
      curb (~> 0.9.0)
      nokogiri (~> 1.6.5)
    jmespath (1.2.4)
      json_pure (>= 1.8.1)
    json_pure (1.8.3)
    mini_portile2 (2.0.0)
    nokogiri (1.6.7.2)
      mini_portile2 (~> 2.0.0.rc2)
    rack (1.6.4)
    rack-protection (1.5.3)
      rack
    rake (10.5.0)
    sinatra (1.4.7)
      rack (~> 1.5)
      rack-protection (~> 1.4)
      tilt (>= 1.3, < 3)
    svgplot (1.0.0)
    tilt (2.0.4)

PLATFORMS
  ruby

DEPENDENCIES
  aws-sdk
  githubchart
  rake (~> 10.0)
  sinatra (~> 1.4)

BUNDLED WITH
   1.11.2
